PATH
  remote: .
  specs:
    lazy_logger (0.1.0)

GEM
  remote: https://rubygems.org/
  specs:
    minitest (5.14.4)
    rake (10.5.0)

PLATFORMS
  ruby

DEPENDENCIES
  bundler (~> 2.0)
  lazy_logger!
  minitest (~> 5.0)
  rake (~> 10.0)

BUNDLED WITH
   2.1.4
